GEM
  remote: http://rubygems.org/
  specs:
    excon (0.24.0)
    minitest (5.0.4)
    mustache (0.99.4)
    posix-spawn (0.3.6)
    rack (1.4.5)
    rack-protection (1.5.0)
      rack
    rake (10.1.0)
    rake-compiler (0.8.3)
      rake
    redcarpet (2.3.0)
    rocco (0.8.2)
      mustache
      redcarpet
    sinatra (1.4.3)
      rack (~> 1.4)
      rack-protection (~> 1.4)
      tilt (~> 1.3, >= 1.3.4)
    tilt (1.4.1)

PLATFORMS
  ruby

DEPENDENCIES
  excon
  minitest
  posix-spawn
  rack (= 1.4.5)
  rake-compiler
  rocco
  sinatra
