GEM
  remote: http://rubygems.org/
  specs:
    excon (0.16.4)
    minitest (4.0.0)
    mustache (0.99.4)
    posix-spawn (0.3.6)
    rack (1.3.6)
    rack-protection (1.2.0)
      rack
    rake (0.9.2.2)
    rake-compiler (0.8.1)
      rake
    redcarpet (2.1.1)
    rocco (0.8.2)
      mustache
      redcarpet
    sinatra (1.3.3)
      rack (~> 1.3, >= 1.3.6)
      rack-protection (~> 1.2)
      tilt (~> 1.3, >= 1.3.3)
    tilt (1.3.3)

PLATFORMS
  ruby

DEPENDENCIES
  excon
  minitest
  posix-spawn
  rack (~> 1.3.5)
  rake-compiler
  rocco
  sinatra
